GEM
  remote: https://rubygems.org/
  specs:
    httparty (0.15.5)
      multi_xml (>= 0.5.2)
    json (2.0.1)
    mail (2.6.4)
      mime-types (>= 1.16, < 4)
    mime-types (3.1)
      mime-types-data (~> 3.2015)
    mime-types-data (3.2016.0521)
    multi_xml (0.6.0)
    rack (1.6.13)
    rack-protection (1.5.3)
      rack
    sinatra (1.4.7)
      rack (~> 1.5)
      rack-protection (~> 1.4)
      tilt (>= 1.3, < 3)
    tilt (2.0.5)
    youtube_addy (1.0.4)

PLATFORMS
  ruby

DEPENDENCIES
  httparty
  json
  mail
  rack
  sinatra
  youtube_addy

RUBY VERSION
   ruby 2.5.5p157

BUNDLED WITH
   1.17.3
